PATH
  remote: .
  specs:
    vmesh (0.1.7)
      gli (= 2.9.0)
      highline (~> 1.6)
      logger (= 1.2.8)
      nokogiri (~> 1.6)
      rbvmomi (= 1.8.2)

GEM
  remote: https://rubygems.org/
  specs:
    aruba (0.5.4)
      childprocess (>= 0.3.6)
      cucumber (>= 1.1.1)
      rspec-expectations (>= 2.7.0)
    builder (3.2.2)
    childprocess (0.5.1)
      ffi (~> 1.0, >= 1.0.11)
    cucumber (1.3.13)
      builder (>= 2.1.2)
      diff-lcs (>= 1.1.3)
      gherkin (~> 2.12)
      multi_json (>= 1.7.5, < 2.0)
      multi_test (>= 0.1.1)
    diff-lcs (1.2.5)
    ffi (1.9.3)
    gherkin (2.12.2)
      multi_json (~> 1.3)
    gli (2.9.0)
    highline (1.7.2)
    json (1.8.1)
    logger (1.2.8)
    metaclass (0.0.4)
    mini_portile (0.6.2)
    mocha (1.0.0)
      metaclass (~> 0.0.1)
    multi_json (1.10.0)
    multi_test (0.1.1)
    nokogiri (1.6.6.2)
      mini_portile (~> 0.6.0)
    rake (10.3.1)
    rbvmomi (1.8.2)
      builder
      nokogiri (>= 1.4.1)
      trollop
    rdoc (4.1.1)
      json (~> 1.4)
    rspec-expectations (2.14.5)
      diff-lcs (>= 1.1.3, < 2.0)
    trollop (2.1.2)

PLATFORMS
  ruby

DEPENDENCIES
  aruba (= 0.5.4)
  mocha (= 1.0.0)
  rake (= 10.3.1)
  rdoc (= 4.1.1)
  vmesh!
